GEM
  remote: https://rubygems.org/
  specs:
    minitest (5.14.4)

PLATFORMS
  x86_64-darwin-20

DEPENDENCIES
  minitest (~> 5.8, >= 5.8.4)

RUBY VERSION
   ruby 3.0.0p0

BUNDLED WITH
   2.2.16
